GIT
  remote: git://github.com/chetan/api_auth.git
  revision: 2440c3a1d23b95977185ce25210c86cbeded7cee
  branch: bixby
  specs:
    api-auth (1.0.3)

GIT
  remote: git://github.com/chetan/easycov.git
  revision: 0fd0c852ae174c8de7c4d5c904c59b6cd1869d66
  specs:
    easycov (0.4.0)
      multi_json
      simplecov
      simplecov-console
      simplecov-html

GIT
  remote: git://github.com/chetan/micron.git
  revision: 93984e01daf0820b2f7781aeacaee52b5934592c
  specs:
    micron (0.5.0)
      colorize
      easycov
      hitimes

GIT
  remote: git://github.com/chetan/test_guard.git
  revision: 0c21a29cc9aaabbeb9224da50a8cfcfb50665bf3
  specs:
    test_guard (0.2.1)
      awesome_print
      easycov
      growl
      listen
      simplecov
      simplecov-console

PATH
  remote: ../src/client
  specs:
    bixby-client (0.2.2)
      api-auth
      bixby-common
      curb
      fuzzy_file_finder
      httpi
      mixlib-shellout
      multi_json
      oj

PATH
  remote: ../src/common
  specs:
    bixby-common (0.4.7)
      api-auth
      faye-websocket
      httpi
      logging
      multi_json
      semver2

GEM
  remote: https://rubygems.org/
  specs:
    awesome_print (1.2.0)
    celluloid (0.15.2)
      timers (~> 1.1.0)
    coderay (1.0.9)
    colorize (0.6.0)
    curb (0.8.5)
    eventmachine (1.0.3)
    faye-websocket (0.7.0)
      eventmachine (>= 0.12.0)
      websocket-driver (>= 0.3.0)
    ffi (1.9.0)
    fuzzy_file_finder (1.0.4)
    growl (1.0.3)
    hirb (0.7.1)
    hitimes (1.2.1)
    httpi (2.1.0)
      rack
      rubyntlm (~> 0.3.2)
    listen (2.1.0)
      celluloid (>= 0.15.2)
      rb-fsevent (>= 0.9.3)
      rb-inotify (>= 0.9)
    little-plugger (1.1.3)
    logging (1.8.1)
      little-plugger (>= 1.1.3)
      multi_json (>= 1.3.6)
    method_source (0.8.2)
    mixlib-shellout (1.2.0)
    multi_json (1.8.2)
    oj (2.1.6)
    pry (0.9.12.2)
      coderay (~> 1.0.5)
      method_source (~> 0.8)
      slop (~> 3.4)
    rack (1.5.2)
    rake (10.1.0)
    rake-hooks (1.2.3)
      rake
    rb-fsevent (0.9.3)
    rb-inotify (0.9.2)
      ffi (>= 0.5.0)
    rubyntlm (0.3.4)
    semver2 (3.3.2)
    simplecov (0.7.1)
      multi_json (~> 1.0)
      simplecov-html (~> 0.7.1)
    simplecov-console (0.1.3)
      colorize
      hirb
      simplecov
    simplecov-html (0.7.1)
    slop (3.4.6)
    timers (1.1.0)
    websocket-driver (0.3.0)
    yard (0.8.7.2)

PLATFORMS
  ruby

DEPENDENCIES
  api-auth!
  awesome_print
  bixby-client!
  bixby-common!
  easycov!
  micron!
  pry
  rake-hooks
  test_guard!
  yard
